GEM
  remote: https://rubygems.org/
  specs:
    rake (13.0.6)
    thor (1.2.2)

PLATFORMS
  x86_64-linux

DEPENDENCIES
  rake
  thor

BUNDLED WITH
   2.3.26
